PATH
  remote: .
  specs:
    octofacts (0.5.1)
    octofacts-updater (0.5.1)
      diffy (>= 3.1.0)
      net-ssh (>= 2.9)
      octocatalog-diff (>= 1.4.1)
      octokit (>= 4.2.0)

GEM
  remote: https://rubygems.org/
  specs:
    addressable (2.5.2)
      public_suffix (>= 2.0.2, < 4.0)
    ast (2.3.0)
    coderay (1.1.1)
    diff-lcs (1.3)
    diffy (3.2.0)
    docile (1.1.5)
    facter (2.4.6)
    faraday (0.13.1)
      multipart-post (>= 1.2, < 3)
    fast_gettext (1.1.0)
    gettext (3.2.3)
      locale (>= 2.0.5)
      text (>= 1.3.0)
    gettext-setup (0.25)
      fast_gettext (~> 1.1.0)
      gettext (>= 3.0.2)
      locale
    hashdiff (0.3.6)
    hiera (3.3.1)
    httparty (0.15.6)
      multi_xml (>= 0.5.2)
    json (2.1.0)
    json_pure (1.8.6)
    locale (2.1.2)
    method_source (0.8.2)
    multi_xml (0.6.0)
    multipart-post (2.0.0)
    net-ssh (4.2.0)
    octocatalog-diff (1.4.1)
      diffy (>= 3.1.0)
      hashdiff (>= 0.3.0)
      httparty (>= 0.11.0)
      rugged (>= 0.25.0b2)
    octokit (4.7.0)
      sawyer (~> 0.8.0, >= 0.5.3)
    parallel (1.12.0)
    parser (2.4.0.0)
      ast (~> 2.2)
    powerpack (0.1.1)
    pry (0.10.4)
      coderay (~> 1.1.0)
      method_source (~> 0.8.1)
      slop (~> 3.4)
    public_suffix (3.0.0)
    puppet (4.10.4)
      facter (> 2.0, < 4)
      gettext-setup (>= 0.10, < 1)
      hiera (>= 2.0, < 4)
      json_pure (~> 1.8)
      locale (~> 2.1)
    rainbow (2.2.2)
      rake
    rake (10.5.0)
    rspec (3.6.0)
      rspec-core (~> 3.6.0)
      rspec-expectations (~> 3.6.0)
      rspec-mocks (~> 3.6.0)
    rspec-core (3.6.0)
      rspec-support (~> 3.6.0)
    rspec-expectations (3.6.0)
      diff-lcs (>= 1.2.0, < 2.0)
      rspec-support (~> 3.6.0)
    rspec-mocks (3.6.0)
      diff-lcs (>= 1.2.0, < 2.0)
      rspec-support (~> 3.6.0)
    rspec-puppet (2.6.2)
      rspec
    rspec-support (3.6.0)
    rubocop (0.49.1)
      parallel (~> 1.10)
      parser (>= 2.3.3.1, < 3.0)
      powerpack (~> 0.1)
      rainbow (>= 1.99.1, < 3.0)
      ruby-progressbar (~> 1.7)
      unicode-display_width (~> 1.0, >= 1.0.1)
    rubocop-github (0.5.0)
      rubocop (~> 0.49)
    ruby-progressbar (1.8.1)
    rugged (0.26.0)
    sawyer (0.8.1)
      addressable (>= 2.3.5, < 2.6)
      faraday (~> 0.8, < 1.0)
    simplecov (0.14.1)
      docile (~> 1.1.0)
      json (>= 1.8, < 3)
      simplecov-html (~> 0.10.0)
    simplecov-html (0.10.1)
    simplecov-json (0.2)
      json
      simplecov
    slop (3.6.0)
    text (1.3.1)
    unicode-display_width (1.3.0)

PLATFORMS
  ruby

DEPENDENCIES
  octofacts!
  octofacts-updater!
  parallel (= 1.12.0)
  pry (~> 0.10)
  puppet (~> 4.10.4)
  rake (~> 10.0)
  rspec-puppet (~> 2.6.2)
  rubocop-github (~> 0.5.0)
  simplecov (>= 0.14.1)
  simplecov-json (~> 0.2)

BUNDLED WITH
   1.15.1
